GEM
  remote: http://rubygems.org/
  specs:
    rack (1.4.1)
    rack-protection (1.2.0)
      rack
    sequel (3.33.0)
    sinatra (1.3.2)
      rack (>= 1.3.6, ~> 1.3)
      rack-protection (~> 1.2)
      tilt (>= 1.3.3, ~> 1.3)
    sinatra-content-for (0.2)
      sinatra
    tilt (1.3.3)

PLATFORMS
  ruby

DEPENDENCIES
  sequel
  sinatra
  sinatra-content-for
